PATH
  remote: .
  specs:
    gollum (2.3.2)
      github-markdown (~> 0.5.1)
      github-markup (>= 0.7.4, < 1.0.0)
      gitolite-dtg (>= 0.2.0)
      grit (~> 2.5.0)
      mustache (>= 0.99.4, < 1.0.0)
      nokogiri (~> 1.5.5)
      pygments.rb (~> 0.3.2)
      rake (~> 0.9)
      sanitize (~> 2.0.3)
      sinatra (~> 1.3.3)
      stringex (~> 1.4.0)
      useragent (~> 0.4.12)
      wikicloth (~> 0.8.0)

GEM
  remote: http://rubygems.org/
  specs:
    RedCloth (4.2.9)
    activesupport (3.2.8)
      i18n (~> 0.6)
      multi_json (~> 1.0)
    blankslate (3.1.2)
    builder (3.2.2)
    diff-lcs (1.2.5)
    expression_parser (0.9.0)
    github-markdown (0.5.5)
    github-markup (0.7.5)
    gitolite-dtg (0.2.0)
      gratr19 (~> 0.4.4.1)
      grit (~> 2.5.0)
      hashery (~> 1.5.0)
    gratr19 (0.4.4.1)
    grit (2.5.0)
      diff-lcs (~> 1.1)
      mime-types (~> 1.15)
      posix-spawn (~> 0.3.6)
    hashery (1.5.0)
      blankslate
    i18n (0.6.1)
    metaclass (0.0.1)
    mime-types (1.25)
    mocha (0.12.7)
      metaclass (~> 0.0.1)
    multi_json (1.3.6)
    mustache (0.99.5)
    nokogiri (1.5.10)
    org-ruby (0.7.2)
      rubypants (>= 0.2.0)
    posix-spawn (0.3.6)
    pygments.rb (0.3.7)
      posix-spawn (~> 0.3.6)
      yajl-ruby (~> 1.1.0)
    rack (1.4.1)
    rack-protection (1.5.1)
      rack
    rack-test (0.6.2)
      rack (>= 1.0)
    rake (0.9.2.2)
    rubypants (0.2.0)
    sanitize (2.0.6)
      nokogiri (>= 1.4.4)
    shoulda (3.3.2)
      shoulda-context (~> 1.0.1)
      shoulda-matchers (~> 1.4.1)
    shoulda-context (1.0.1)
    shoulda-matchers (1.4.1)
      activesupport (>= 3.0.0)
    sinatra (1.3.6)
      rack (~> 1.4)
      rack-protection (~> 1.3)
      tilt (~> 1.3, >= 1.3.3)
    stringex (1.4.0)
    tilt (1.4.1)
    useragent (0.4.16)
    wikicloth (0.8.0)
      builder
      expression_parser
    yajl-ruby (1.1.0)

PLATFORMS
  ruby

DEPENDENCIES
  RedCloth (~> 4.2.9)
  gollum!
  mocha (~> 0.12.7)
  org-ruby (~> 0.7.2)
  rack-test (~> 0.6.2)
  rake (~> 0.9)
  shoulda (~> 3.3.1)
